GEM
  remote: https://rubygems.org/
  specs:
    pygmentize (0.0.3)
    redcarpet (3.1.2)

PLATFORMS
  ruby

DEPENDENCIES
  pygmentize
  redcarpet
