GEM
  remote: https://rubygems.org/
  specs:
    addressable (2.5.2)
      public_suffix (>= 2.0.2, < 4.0)
    ffi (1.12.2)
    jekyll-paginate (1.1.0)
    jekyll-watch (1.5.1)
      listen (~> 3.0)
    kramdown (1.16.2)
    listen (3.1.5)
      rb-fsevent (~> 0.9, >= 0.9.4)
      rb-inotify (~> 0.9, >= 0.9.7)
      ruby_dep (~> 1.2)
    public_suffix (3.0.2)
    pygmentize (0.0.3)
    rb-fsevent (0.10.3)
    rb-inotify (0.9.10)
      ffi (>= 0.5.0, < 2)
    ruby_dep (1.5.0)

PLATFORMS
  ruby

DEPENDENCIES
  addressable
  jekyll-paginate
  jekyll-watch (~> 1.5)
  kramdown
  pygmentize

BUNDLED WITH
   1.16.1
